PATH
  remote: .
  specs:
    mms2r (3.9.2)
      exifr (>= 1.0.3)
      json (>= 1.6.0)
      mail (>= 2.4.0)
      nokogiri (>= 1.5.0)
      rake

GEM
  remote: https://rubygems.org/
  specs:
    exifr (1.1.3)
    i18n (0.6.1)
    json (1.7.5)
    mail (2.4.4)
      i18n (>= 0.4.0)
      mime-types (~> 1.16)
      treetop (~> 1.4.8)
    metaclass (0.0.1)
    mime-types (1.19)
    mini_portile2 (2.8.0)
    mocha (0.13.0)
      metaclass (~> 0.0.1)
    multi_json (1.3.7)
    nokogiri (1.13.6)
      mini_portile2 (~> 2.8.0)
      racc (~> 1.4)
    polyglot (0.3.3)
    racc (1.6.0)
    rake (10.0.1)
    rdoc (3.12)
      json (~> 1.4)
    simplecov (0.7.1)
      multi_json (~> 1.0)
      simplecov-html (~> 0.7.1)
    simplecov-html (0.7.1)
    test-unit (2.5.2)
    treetop (1.4.12)
      polyglot
      polyglot (>= 0.3.1)

PLATFORMS
  ruby

DEPENDENCIES
  mms2r!
  mocha
  rdoc
  simplecov
  test-unit
